GEM
  specs:
    excon (0.16.10)
    heroku-api (0.3.7)
      excon (~> 0.16.10)
    json (1.7.5)

PLATFORMS
  ruby

DEPENDENCIES
  heroku-api
  json
